GIT
  remote: https://github.com/shardlab/discordrb
  revision: 972fdd655721dc2e5d8cf7c634ea58fda451c301
  branch: main
  specs:
    discordrb (3.5.0)
      base64 (~> 0.2.0)
      discordrb-webhooks (~> 3.5.0)
      ffi (>= 1.9.24)
      opus-ruby
      rest-client (>= 2.0.0)
      websocket-client-simple (>= 0.3.0)
    discordrb-webhooks (3.5.0)
      rest-client (>= 2.0.0)

GEM
  remote: https://rubygems.org/
  specs:
    ast (2.4.2)
    base64 (0.2.0)
    bigdecimal (3.1.9)
    docopt (0.6.1)
    domain_name (0.6.20240107)
    event_emitter (0.2.6)
    ffi (1.17.1-aarch64-linux-gnu)
    ffi (1.17.1-x86_64-linux-gnu)
    http-accept (1.7.0)
    http-cookie (1.0.8)
      domain_name (~> 0.5)
    httparty (0.21.0)
      mini_mime (>= 1.0.0)
      multi_xml (>= 0.5.2)
    json (2.9.1)
    language_server-protocol (3.17.0.3)
    logger (1.6.4)
    mathematical (1.6.20)
      ruby-enum (>= 0.4, < 2.0)
    mime-types (3.6.0)
      logger
      mime-types-data (~> 3.2015)
    mime-types-data (3.2024.1203)
    mini_magick (4.13.2)
    mini_mime (1.1.5)
    multi_xml (0.7.1)
      bigdecimal (~> 3.1)
    mutex_m (0.3.0)
    netrc (0.11.0)
    opus-ruby (1.0.1)
      ffi
    parallel (1.26.3)
    parser (3.3.6.0)
      ast (~> 2.4.1)
      racc
    racc (1.8.1)
    rainbow (3.1.1)
    regexp_parser (2.10.0)
    rest-client (2.1.0)
      http-accept (>= 1.7.0, < 2.0)
      http-cookie (>= 1.0.2, < 2.0)
      mime-types (>= 1.16, < 4.0)
      netrc (~> 0.8)
    rubocop (1.69.2)
      json (~> 2.3)
      language_server-protocol (>= 3.17.0)
      parallel (~> 1.10)
      parser (>= 3.3.0.2)
      rainbow (>= 2.2.2, < 4.0)
      regexp_parser (>= 2.9.3, < 3.0)
      rubocop-ast (>= 1.36.2, < 2.0)
      ruby-progressbar (~> 1.7)
      unicode-display_width (>= 2.4.0, < 4.0)
    rubocop-ast (1.37.0)
      parser (>= 3.3.1.0)
    ruby-enum (1.0.0)
    ruby-progressbar (1.13.0)
    unicode-display_width (3.1.3)
      unicode-emoji (~> 4.0, >= 4.0.4)
    unicode-emoji (4.0.4)
    websocket (1.2.11)
    websocket-client-simple (0.9.0)
      base64
      event_emitter
      mutex_m
      websocket

PLATFORMS
  aarch64-linux
  x86_64-linux

DEPENDENCIES
  discordrb!
  docopt (~> 0.6.1)
  httparty (~> 0.21.0)
  mathematical (~> 1.6)
  mini_magick (~> 4.13)
  rubocop

BUNDLED WITH
   2.6.0
