GIT
  remote: https://github.com/shardlab/discordrb
  revision: a1083b0b944700f582356fec3babd3fe6804c2ca
  branch: main
  specs:
    discordrb (3.4.2)
      discordrb-webhooks (~> 3.4.2)
      ffi (>= 1.9.24)
      opus-ruby
      rest-client (>= 2.0.0)
      websocket-client-simple (>= 0.3.0)
    discordrb-webhooks (3.4.2)
      rest-client (>= 2.0.0)

GEM
  remote: https://rubygems.org/
  specs:
    concurrent-ruby (1.1.9)
    domain_name (0.5.20190701)
      unf (>= 0.0.5, < 1.0.0)
    event_emitter (0.2.6)
    ffi (1.15.4)
    http-accept (1.7.0)
    http-cookie (1.0.4)
      domain_name (~> 0.5)
    i18n (1.8.11)
      concurrent-ruby (~> 1.0)
    mathematical (1.6.14)
      ruby-enum (~> 0.4)
    mime-types (3.4.1)
      mime-types-data (~> 3.2015)
    mime-types-data (3.2022.0105)
    mini_magick (4.11.0)
    netrc (0.11.0)
    opus-ruby (1.0.1)
      ffi
    rest-client (2.1.0)
      http-accept (>= 1.7.0, < 2.0)
      http-cookie (>= 1.0.2, < 2.0)
      mime-types (>= 1.16, < 4.0)
      netrc (~> 0.8)
    ruby-enum (0.9.0)
      i18n
    unf (0.1.4)
      unf_ext
    unf_ext (0.0.8)
    websocket (1.2.9)
    websocket-client-simple (0.5.1)
      event_emitter
      websocket

PLATFORMS
  x86_64-linux

DEPENDENCIES
  discordrb!
  mathematical
  mini_magick

BUNDLED WITH
   2.2.26
